GIT
  remote: git://github.com/celluloid/reel.git
  revision: 5cdf52aeac43823ee2d17a1337b07438e6e3107b
  specs:
    reel (0.3.0)
      celluloid-io (>= 0.8.0)
      http (>= 0.2.0)
      http_parser.rb (>= 0.5.3)
      rack (>= 1.4.0)
      websocket_parser (>= 0.1.0)

GIT
  remote: git@github.com:RiotGames/ef-rest.git
  revision: 30b18a36c59c5f9a0015f0eeb173607a5dad3268
  specs:
    ef-rest (0.0.1)
      activesupport
      addressable
      faraday
      multi_json

PATH
  remote: .
  specs:
    motherbrain (0.0.1)
      activesupport
      celluloid
      chozo (>= 0.3.0)
      ef-rest
      faraday
      grape (>= 0.2.3)
      net-scp
      net-ssh
      reel
      ridley (>= 0.6.1)
      solve (>= 0.4.1)
      thor (>= 0.16.0)

GEM
  remote: http://rubygems.org/
  specs:
    activemodel (3.2.9)
      activesupport (= 3.2.9)
      builder (~> 3.0.0)
    activesupport (3.2.9)
      i18n (~> 0.6)
      multi_json (~> 1.0)
    addressable (2.3.2)
    aruba (0.5.1)
      childprocess (~> 0.3.6)
      cucumber (>= 1.1.1)
      rspec-expectations (>= 2.7.0)
    backports (2.6.5)
    builder (3.0.4)
    celluloid (0.12.4)
      facter (>= 1.6.12)
      timers (>= 1.0.0)
    celluloid-io (0.12.1)
      celluloid (~> 0.12.0)
      nio4r (>= 0.4.0)
    certified (0.1.1)
    childprocess (0.3.6)
      ffi (~> 1.0, >= 1.0.6)
    chozo (0.3.0)
      activesupport (>= 3.2.0)
      hashie
      multi_json (>= 1.3.0)
    coderay (1.0.8)
    columnize (0.3.6)
    coolline (0.4.0)
    crack (0.3.1)
    cucumber (1.2.1)
      builder (>= 2.1.2)
      diff-lcs (>= 1.1.3)
      gherkin (~> 2.11.0)
      json (>= 1.4.6)
    debugger (1.2.2)
      columnize (>= 0.3.1)
      debugger-linecache (~> 1.1.1)
      debugger-ruby_core_source (~> 1.1.5)
    debugger-linecache (1.1.2)
      debugger-ruby_core_source (>= 1.1.1)
    debugger-ruby_core_source (1.1.5)
    descendants_tracker (0.0.1)
    diff-lcs (1.1.3)
    erubis (2.7.0)
    facter (1.6.16)
    faraday (0.8.4)
      multipart-post (~> 1.1)
    ffi (1.2.0)
    fuubar (1.1.0)
      rspec (~> 2.0)
      rspec-instafail (~> 0.2.0)
      ruby-progressbar (~> 1.0.0)
    gherkin (2.11.5)
      json (>= 1.4.6)
    grape (0.2.3)
      activesupport
      builder
      hashie (~> 1.2)
      multi_json (>= 1.3.2)
      multi_xml
      rack
      rack-accept
      rack-mount
      virtus
    growl (1.0.3)
    guard (1.5.4)
      listen (>= 0.4.2)
      lumberjack (>= 1.0.2)
      pry (>= 0.9.10)
      thor (>= 0.14.6)
    guard-cucumber (1.2.2)
      cucumber (>= 1.2.0)
      guard (>= 1.1.0)
    guard-rspec (2.3.1)
      guard (>= 1.1)
      rspec (~> 2.11)
    guard-spork (1.4.0)
      childprocess (>= 0.2.3)
      guard (>= 1.1)
      spork (>= 0.8.4)
    guard-yard (2.0.1)
      guard (>= 1.1.0)
      yard (>= 0.7.0)
    hashie (1.2.0)
    http (0.4.0)
      certified
      http_parser.rb
    http_parser.rb (0.5.3)
    i18n (0.6.1)
    json (1.7.5)
    json_spec (1.1.0)
      multi_json (~> 1.0)
      rspec (~> 2.0)
    listen (0.6.0)
    lumberjack (1.0.2)
    method_source (0.8.1)
    mixlib-authentication (1.3.0)
      mixlib-log
    mixlib-log (1.4.1)
    multi_json (1.5.0)
    multi_xml (0.5.1)
    multipart-post (1.1.5)
    mysql2 (0.3.11)
    net-http-persistent (2.8)
    net-scp (1.0.4)
      net-ssh (>= 1.99.1)
    net-ssh (2.6.2)
    nio4r (0.4.3)
    pry (0.9.10)
      coderay (~> 1.0.5)
      method_source (~> 0.8)
      slop (~> 3.3.1)
    rack (1.4.1)
    rack-accept (0.4.5)
      rack (>= 0.4)
    rack-mount (0.8.3)
      rack (>= 1.0.0)
    rack-test (0.6.2)
      rack (>= 1.0)
    rake (10.0.3)
    rb-fsevent (0.9.2)
    redcarpet (2.2.2)
    ridley (0.6.1)
      activemodel (>= 3.2.0)
      activesupport (>= 3.2.0)
      addressable
      celluloid
      chozo (>= 0.2.2)
      erubis
      faraday
      json (>= 1.5.0)
      mixlib-authentication
      mixlib-log
      multi_json (>= 1.0.4)
      net-http-persistent (>= 2.8)
      net-ssh
    rspec (2.12.0)
      rspec-core (~> 2.12.0)
      rspec-expectations (~> 2.12.0)
      rspec-mocks (~> 2.12.0)
    rspec-core (2.12.1)
    rspec-expectations (2.12.0)
      diff-lcs (~> 1.1.3)
    rspec-instafail (0.2.4)
    rspec-mocks (2.12.0)
    ruby-progressbar (1.0.2)
    slop (3.3.3)
    solve (0.4.1)
      json
    spork (0.9.2)
    terminal-notifier-guard (1.5.3)
    thor (0.16.0)
    timers (1.0.2)
    virtus (0.5.4)
      backports (~> 2.6.1)
      descendants_tracker (~> 0.0.1)
    webmock (1.9.0)
      addressable (>= 2.2.7)
      crack (>= 0.1.7)
    websocket_parser (0.1.1)
      http
    yajl-ruby (1.1.0)
    yard (0.8.3)

PLATFORMS
  ruby

DEPENDENCIES
  aruba
  coolline
  cucumber
  debugger
  ef-rest!
  fuubar
  growl
  guard
  guard-cucumber
  guard-rspec
  guard-spork
  guard-yard
  jdbc-mysql
  jmx4r
  json-jruby
  json_spec
  motherbrain!
  mysql2
  rack-test
  rake (>= 0.9.2.2)
  rb-fsevent
  redcarpet
  reel!
  rspec
  spork
  terminal-notifier-guard (~> 1.5.3)
  webmock
  yajl-ruby
  yard
