PATH
  remote: .
  specs:
    motherbrain (0.0.1)
      activesupport
      chozo
      nexus_cli (~> 0.3.0)
      ridley (>= 0.1.0)
      rye
      solve (>= 0.3.1)

GEM
  remote: https://rubygems.org/
  specs:
    activemodel (3.2.8)
      activesupport (= 3.2.8)
      builder (~> 3.0.0)
    activesupport (3.2.8)
      i18n (~> 0.6)
      multi_json (~> 1.0)
    addressable (2.3.2)
    annoy (0.5.6)
      highline (>= 1.5.0)
    aruba (0.4.11)
      childprocess (>= 0.2.3)
      cucumber (>= 1.1.1)
      ffi (>= 1.0.11)
      rspec (>= 2.7.0)
    builder (3.0.3)
    childprocess (0.3.5)
      ffi (~> 1.0, >= 1.0.6)
    chozo (0.0.2)
      activemodel
      activesupport
      multi_json (>= 1.3.0)
    coolline (0.3.0)
    crack (0.3.1)
    cucumber (1.2.1)
      builder (>= 2.1.2)
      diff-lcs (>= 1.1.3)
      gherkin (~> 2.11.0)
      json (>= 1.4.6)
    diff-lcs (1.1.3)
    drydock (0.6.9)
    faraday (0.8.4)
      multipart-post (~> 1.1)
    ffi (1.1.5)
    fuubar (1.0.0)
      rspec (~> 2.0)
      rspec-instafail (~> 0.2.0)
      ruby-progressbar (~> 0.0.10)
    gherkin (2.11.2)
      json (>= 1.4.6)
    guard (1.4.0)
      listen (>= 0.4.2)
      thor (>= 0.14.6)
    guard-cucumber (1.2.0)
      cucumber (>= 1.2.0)
      guard (>= 1.1.0)
    guard-rspec (2.0.0)
      guard (>= 1.1)
      rspec (~> 2.11)
    guard-spork (1.2.0)
      childprocess
      guard (>= 1.1)
      spork (>= 0.8.4)
      sys-proctable
    guard-yard (2.0.0)
      guard (>= 1.1.0)
      yard (>= 0.7.0)
    highline (1.6.15)
    i18n (0.6.1)
    jruby-pageant (1.1.1)
    json (1.7.5)
    json_spec (1.0.3)
      multi_json (~> 1.0)
      rspec (~> 2.0)
    listen (0.5.2)
    mime-types (1.19)
    mixlib-authentication (1.3.0)
      mixlib-log
    mixlib-log (1.4.1)
    multi_json (1.3.6)
    multipart-post (1.1.5)
    net-scp (1.0.4)
      net-ssh (>= 1.99.1)
    net-ssh (2.6.0)
      jruby-pageant (>= 1.1.1)
    nexus_cli (0.3.0)
      nokogiri
      rest-client
      thor
    nokogiri (1.5.5)
    rb-fsevent (0.9.2)
    redcarpet (2.1.1)
    rest-client (1.6.7)
      mime-types (>= 1.16)
    ridley (0.1.0)
      activemodel
      addressable
      chozo (>= 0.0.2)
      faraday
      mixlib-authentication
      mixlib-log
      multi_json (>= 1.0.4)
      yajl-ruby
    rspec (2.11.0)
      rspec-core (~> 2.11.0)
      rspec-expectations (~> 2.11.0)
      rspec-mocks (~> 2.11.0)
    rspec-core (2.11.1)
    rspec-expectations (2.11.3)
      diff-lcs (~> 1.1.3)
    rspec-instafail (0.2.4)
    rspec-mocks (2.11.3)
    ruby-progressbar (0.0.10)
    rye (0.9.7)
      annoy
      highline (>= 1.5.1)
      net-scp (>= 1.0.2)
      net-ssh (>= 2.0.13)
      sysinfo (>= 0.7.3)
    solve (0.3.1)
      json
    spork (0.9.2)
    storable (0.8.9)
    sys-proctable (0.9.1)
    sysinfo (0.8.0)
      drydock
      storable
    thor (0.16.0)
    webmock (1.8.10)
      addressable (>= 2.2.7)
      crack (>= 0.1.7)
    yajl-ruby (1.1.0)
    yard (0.8.2.1)

PLATFORMS
  ruby

DEPENDENCIES
  aruba
  coolline
  cucumber
  fuubar
  guard (>= 1.4.0)
  guard-cucumber
  guard-rspec (>= 2.0.0)
  guard-spork
  guard-yard
  json_spec
  motherbrain!
  rb-fsevent (~> 0.9.1)
  redcarpet
  rspec
  spork
  thor (>= 0.16.0)
  webmock
  yard
